GIT
  remote: git://github.com/piousbox/ish_models.git
  revision: c3005fc002911d8d4e55afe2fd4248fa028ae324
  branch: master
  specs:
    ish_models (0.0.33.94)
      aws-sdk
      devise (> 0)
      kaminari-mongoid (~> 1.0.1)
      mongoid (~> 6.1.0, >= 6.1.0)
      mongoid-autoinc (~> 6.0)
      mongoid-paperclip

GEM
  remote: https://rubygems.org/
  specs:
    actioncable (5.1.4)
      actionpack (= 5.1.4)
      nio4r (~> 2.0)
      websocket-driver (~> 0.6.1)
    actionmailer (5.1.4)
      actionpack (= 5.1.4)
      actionview (= 5.1.4)
      activejob (= 5.1.4)
      mail (~> 2.5, >= 2.5.4)
      rails-dom-testing (~> 2.0)
    actionpack (5.1.4)
      actionview (= 5.1.4)
      activesupport (= 5.1.4)
      rack (~> 2.0)
      rack-test (>= 0.6.3)
      rails-dom-testing (~> 2.0)
      rails-html-sanitizer (~> 1.0, >= 1.0.2)
    actionview (5.1.4)
      activesupport (= 5.1.4)
      builder (~> 3.1)
      erubi (~> 1.4)
      rails-dom-testing (~> 2.0)
      rails-html-sanitizer (~> 1.0, >= 1.0.3)
    activejob (5.1.4)
      activesupport (= 5.1.4)
      globalid (>= 0.3.6)
    activemodel (5.1.4)
      activesupport (= 5.1.4)
    activerecord (5.1.4)
      activemodel (= 5.1.4)
      activesupport (= 5.1.4)
      arel (~> 8.0)
    activesupport (5.1.4)
      concurrent-ruby (~> 1.0, >= 1.0.2)
      i18n (~> 0.7)
      minitest (~> 5.1)
      tzinfo (~> 1.1)
    arel (8.0.0)
    aws-sdk (2.11.33)
      aws-sdk-resources (= 2.11.33)
    aws-sdk-core (2.11.33)
      aws-sigv4 (~> 1.0)
      jmespath (~> 1.0)
    aws-sdk-resources (2.11.33)
      aws-sdk-core (= 2.11.33)
    aws-sigv4 (1.0.2)
    bcrypt (3.1.11)
    bson (4.3.0)
    builder (3.2.3)
    byebug (9.1.0)
    cancancan (2.1.3)
    climate_control (0.2.0)
    cocaine (0.5.8)
      climate_control (>= 0.0.3, < 1.0)
    concurrent-ruby (1.0.5)
    crass (1.0.5)
    devise (4.4.0)
      bcrypt (~> 3.0)
      orm_adapter (~> 0.1)
      railties (>= 4.1.0, < 5.2)
      responders
      warden (~> 1.2.3)
    diff-lcs (1.3)
    docile (1.1.5)
    erubi (1.7.0)
    factory_bot (4.8.2)
      activesupport (>= 3.0.0)
    factory_bot_rails (4.8.2)
      factory_bot (~> 4.8.2)
      railties (>= 3.0.0)
    globalid (0.4.1)
      activesupport (>= 4.2.0)
    i18n (0.9.1)
      concurrent-ruby (~> 1.0)
    jbuilder (2.7.0)
      activesupport (>= 4.2.0)
      multi_json (>= 1.2)
    jmespath (1.4.0)
    json (2.1.0)
    kaminari (1.1.1)
      activesupport (>= 4.1.0)
      kaminari-actionview (= 1.1.1)
      kaminari-activerecord (= 1.1.1)
      kaminari-core (= 1.1.1)
    kaminari-actionview (1.1.1)
      actionview
      kaminari-core (= 1.1.1)
    kaminari-activerecord (1.1.1)
      activerecord
      kaminari-core (= 1.1.1)
    kaminari-core (1.1.1)
    kaminari-mongoid (1.0.1)
      kaminari-core (~> 1.0)
      mongoid
    loofah (2.4.0)
      crass (~> 1.0.2)
      nokogiri (>= 1.5.9)
    mail (2.7.0)
      mini_mime (>= 0.1.1)
    method_source (0.9.0)
    mime-types (3.1)
      mime-types-data (~> 3.2015)
    mime-types-data (3.2016.0521)
    mimemagic (0.3.2)
    mini_mime (1.0.0)
    mini_portile2 (2.4.0)
    minitest (5.11.1)
    mongo (2.5.0)
      bson (>= 4.3.0, < 5.0.0)
    mongoid (6.1.1)
      activemodel (~> 5.0)
      mongo (>= 2.4.1, < 3.0.0)
    mongoid-autoinc (6.0.3)
      mongoid (>= 6.0, < 8.0)
    mongoid-paperclip (0.0.11)
      mongoid
      paperclip (>= 2.3.6, != 4.3.0)
    multi_json (1.13.1)
    nio4r (2.2.0)
    nokogiri (1.10.5)
      mini_portile2 (~> 2.4.0)
    orm_adapter (0.5.0)
    paperclip (5.1.0)
      activemodel (>= 4.2.0)
      activesupport (>= 4.2.0)
      cocaine (~> 0.5.5)
      mime-types
      mimemagic (~> 0.3.0)
    rack (2.0.8)
    rack-test (0.8.2)
      rack (>= 1.0, < 3)
    rack-throttle (0.5.0)
      bundler (>= 1.0.0)
      rack (>= 1.0.0)
    rails (5.1.4)
      actioncable (= 5.1.4)
      actionmailer (= 5.1.4)
      actionpack (= 5.1.4)
      actionview (= 5.1.4)
      activejob (= 5.1.4)
      activemodel (= 5.1.4)
      activerecord (= 5.1.4)
      activesupport (= 5.1.4)
      bundler (>= 1.3.0)
      railties (= 5.1.4)
      sprockets-rails (>= 2.0.0)
    rails-controller-testing (1.0.2)
      actionpack (~> 5.x, >= 5.0.1)
      actionview (~> 5.x, >= 5.0.1)
      activesupport (~> 5.x)
    rails-dom-testing (2.0.3)
      activesupport (>= 4.2.0)
      nokogiri (>= 1.6)
    rails-html-sanitizer (1.3.0)
      loofah (~> 2.3)
    railties (5.1.4)
      actionpack (= 5.1.4)
      activesupport (= 5.1.4)
      method_source
      rake (>= 0.8.7)
      thor (>= 0.18.1, < 2.0)
    rake (12.3.0)
    responders (2.4.0)
      actionpack (>= 4.2.0, < 5.3)
      railties (>= 4.2.0, < 5.3)
    rspec (3.7.0)
      rspec-core (~> 3.7.0)
      rspec-expectations (~> 3.7.0)
      rspec-mocks (~> 3.7.0)
    rspec-core (3.7.1)
      rspec-support (~> 3.7.0)
    rspec-expectations (3.7.0)
      diff-lcs (>= 1.2.0, < 2.0)
      rspec-support (~> 3.7.0)
    rspec-mocks (3.7.0)
      diff-lcs (>= 1.2.0, < 2.0)
      rspec-support (~> 3.7.0)
    rspec-rails (3.7.2)
      actionpack (>= 3.0)
      activesupport (>= 3.0)
      railties (>= 3.0)
      rspec-core (~> 3.7.0)
      rspec-expectations (~> 3.7.0)
      rspec-mocks (~> 3.7.0)
      rspec-support (~> 3.7.0)
    rspec-support (3.7.0)
    simplecov (0.15.1)
      docile (~> 1.1.0)
      json (>= 1.8, < 3)
      simplecov-html (~> 0.10.0)
    simplecov-html (0.10.2)
    sprockets (3.7.1)
      concurrent-ruby (~> 1.0)
      rack (> 1, < 3)
    sprockets-rails (3.2.1)
      actionpack (>= 4.0)
      activesupport (>= 4.0)
      sprockets (>= 3.0.0)
    thor (0.20.0)
    thread_safe (0.3.6)
    tzinfo (1.2.4)
      thread_safe (~> 0.1)
    warden (1.2.7)
      rack (>= 1.0)
    websocket-driver (0.6.5)
      websocket-extensions (>= 0.1.0)
    websocket-extensions (0.1.5)

PLATFORMS
  ruby

DEPENDENCIES
  aws-sdk (< 3.0)
  byebug
  cancancan
  devise
  factory_bot_rails
  ish_models!
  jbuilder
  kaminari
  kaminari-actionview
  kaminari-mongoid
  mongoid
  mongoid-paperclip
  rack-throttle
  rails (= 5.1.4)
  rails-controller-testing
  rspec
  rspec-rails
  simplecov

BUNDLED WITH
   1.17.3
